GEM
  remote: https://rubygems.org/
  specs:
    activemodel (7.0.1)
      activesupport (= 7.0.1)
    activerecord (7.0.1)
      activemodel (= 7.0.1)
      activesupport (= 7.0.1)
    activesupport (7.0.1)
      concurrent-ruby (~> 1.0, >= 1.0.2)
      i18n (>= 1.6, < 2)
      minitest (>= 5.1)
      tzinfo (~> 2.0)
    concurrent-ruby (1.1.9)
    faker (2.20.0)
      i18n (>= 1.8.11, < 2)
    i18n (1.8.11)
      concurrent-ruby (~> 1.0)
    minitest (5.15.0)
    pg (1.3.0)
    tzinfo (2.0.4)
      concurrent-ruby (~> 1.0)

PLATFORMS
  ruby

DEPENDENCIES
  activerecord
  activesupport
  faker
  pg

BUNDLED WITH
   2.2.3
